GIT
  remote: git://github.com/hyperoslo/facebook-messenger.git
  revision: ee5f03cee6e8cdf63081e6b2f2f73f4ce0427614
  specs:
    facebook-messenger (1.0.0)
      httparty (~> 0.13, >= 0.13.7)
      rack (>= 1.4.5)

GEM
  remote: https://rubygems.org/
  specs:
    addressable (2.5.2)
      public_suffix (>= 2.0.2, < 4.0)
    dotenv (2.2.1)
    httparty (0.15.6)
      multi_xml (>= 0.5.2)
    multi_xml (0.6.0)
    mustermann (1.0.1)
    public_suffix (3.0.0)
    puma (3.10.0)
    rack (2.0.3)
    rack-protection (2.0.0)
      rack
    sinatra (2.0.0)
      mustermann (~> 1.0)
      rack (~> 2.0)
      rack-protection (= 2.0.0)
      tilt (~> 2.0)
    tilt (2.0.8)

PLATFORMS
  ruby

DEPENDENCIES
  addressable
  dotenv
  facebook-messenger!
  httparty
  puma
  sinatra

RUBY VERSION
   ruby 2.4.1p111

BUNDLED WITH
   1.15.4
